GIT
  remote: git@github.com:johnkoht/mina-slack.git
  revision: fbe2b1f44dafbb88376a20f1842741d76bd56b8c
  specs:
    mina-slack (0.0.2)
      bundler (~> 1.5)
      mina
      mina-hooks
      rake

GEM
  remote: https://rubygems.org/
  specs:
    mina (0.3.8)
      open4 (~> 1.3.4)
      rake
    mina-hooks (0.2.1)
      mina (~> 0.3)
    open4 (1.3.4)
    rake (11.2.2)

PLATFORMS
  ruby

DEPENDENCIES
  mina
  mina-slack!

BUNDLED WITH
   1.11.2
